GEM
  remote: https://rubygems.org/
  specs:
    execjs (2.8.1)
    libv8 (3.3.10.4)
    rake (13.0.6)
    therubyracer (0.9.10)
      libv8 (~> 3.3.10)
    uglifier (4.2.0)
      execjs (>= 0.3.0, < 3)

PLATFORMS
  ruby

DEPENDENCIES
  rake (>= 12.3.3)
  therubyracer
  uglifier (>= 2.7.2)

BUNDLED WITH
   2.1.4
